GEM
  remote: https://rubygems.org/
  specs:
    activesupport (7.0.6)
      concurrent-ruby (~> 1.0, >= 1.0.2)
      i18n (>= 1.6, < 2)
      minitest (>= 5.1)
      tzinfo (~> 2.0)
    addressable (2.8.4)
      public_suffix (>= 2.0.2, < 6.0)
    aws-eventstream (1.2.0)
    aws-partitions (1.786.0)
    aws-sdk-core (3.178.0)
      aws-eventstream (~> 1, >= 1.0.2)
      aws-partitions (~> 1, >= 1.651.0)
      aws-sigv4 (~> 1.5)
      jmespath (~> 1, >= 1.6.1)
    aws-sdk-dynamodb (1.92.0)
      aws-sdk-core (~> 3, >= 3.177.0)
      aws-sigv4 (~> 1.1)
    aws-sdk-kms (1.71.0)
      aws-sdk-core (~> 3, >= 3.177.0)
      aws-sigv4 (~> 1.1)
    aws-sdk-s3 (1.130.0)
      aws-sdk-core (~> 3, >= 3.177.0)
      aws-sdk-kms (~> 1)
      aws-sigv4 (~> 1.6)
    aws-sdk-secretsmanager (1.81.0)
      aws-sdk-core (~> 3, >= 3.177.0)
      aws-sigv4 (~> 1.1)
    aws-sdk-ssm (1.156.0)
      aws-sdk-core (~> 3, >= 3.177.0)
      aws-sigv4 (~> 1.1)
    aws-sigv4 (1.6.0)
      aws-eventstream (~> 1, >= 1.0.2)
    aws_data (0.1.1)
      aws-sdk-core
      memoist
    cli-format (0.2.2)
      activesupport
      text-table
      zeitwerk
    concurrent-ruby (1.2.2)
    deep_merge (1.2.2)
    diff-lcs (1.5.0)
    dotenv (2.8.1)
    dsl_evaluator (0.3.1)
      activesupport
      memoist
      rainbow
      zeitwerk
    eventmachine (1.2.7)
    eventmachine-tail (0.6.5)
      eventmachine
    faraday (2.7.10)
      faraday-net_http (>= 2.0, < 3.1)
      ruby2_keywords (>= 0.0.4)
    faraday-net_http (3.0.2)
    faraday-retry (2.2.0)
      faraday (~> 2.0)
    graph (2.11.0)
    hcl_parser (0.2.2)
      rhcl
    i18n (1.14.1)
      concurrent-ruby (~> 1.0)
    jmespath (1.6.2)
    memoist (0.16.2)
    minitest (5.18.1)
    nokogiri (1.15.3-x86_64-darwin)
      racc (~> 1.4)
    octokit (6.1.1)
      faraday (>= 1, < 3)
      sawyer (~> 0.9)
    public_suffix (5.0.3)
    racc (1.7.1)
    rainbow (3.1.1)
    render_me_pretty (0.9.0)
      activesupport
      rainbow
      tilt
    rexml (3.2.5)
    rhcl (0.1.0)
      deep_merge
    rspec (3.12.0)
      rspec-core (~> 3.12.0)
      rspec-expectations (~> 3.12.0)
      rspec-mocks (~> 3.12.0)
    rspec-core (3.12.2)
      rspec-support (~> 3.12.0)
    rspec-expectations (3.12.3)
      diff-lcs (>= 1.2.0, < 2.0)
      rspec-support (~> 3.12.0)
    rspec-mocks (3.12.6)
      diff-lcs (>= 1.2.0, < 2.0)
      rspec-support (~> 3.12.0)
    rspec-support (3.12.1)
    rspec-terraspace (0.3.3)
      activesupport
      memoist
      rainbow
      rspec
      zeitwerk
    ruby2_keywords (0.0.5)
    rubyzip (2.3.2)
    s3-secure (0.7.0)
      activesupport
      aws-sdk-s3
      cli-format
      memoist
      rainbow
      rexml
      text-table
      thor
      zeitwerk
    sawyer (0.9.2)
      addressable (>= 2.3.5)
      faraday (>= 0.17.3, < 3)
    terraspace (2.2.8)
      activesupport
      bundler
      cli-format
      deep_merge
      dotenv
      dsl_evaluator
      eventmachine-tail
      graph
      hcl_parser
      memoist
      rainbow
      render_me_pretty
      rexml
      rspec-terraspace (>= 0.3.1)
      terraspace-bundler (>= 0.5.0)
      thor
      tty-tree
      zeitwerk
      zip_folder
    terraspace-bundler (0.5.0)
      activesupport
      aws-sdk-s3
      dsl_evaluator
      memoist
      nokogiri
      rainbow
      rubyzip
      thor
      zeitwerk
    terraspace_ci_github (0.2.0)
      faraday-retry
      memoist
      octokit
      zeitwerk
    terraspace_plugin_aws (0.6.1)
      aws-sdk-dynamodb
      aws-sdk-s3
      aws-sdk-secretsmanager
      aws-sdk-ssm
      aws_data
      memoist
      s3-secure (>= 0.7.0)
      zeitwerk
    terraspace_vcs_github (0.1.1)
      faraday-retry
      memoist
      octokit
      zeitwerk
    text-table (1.2.4)
    thor (1.2.2)
    tilt (2.2.0)
    tty-tree (0.4.0)
    tzinfo (2.0.6)
      concurrent-ruby (~> 1.0)
    zeitwerk (2.6.8)
    zip_folder (0.1.0)
      rubyzip

PLATFORMS
  x86_64-darwin-21

DEPENDENCIES
  rspec-terraspace
  terraspace
  terraspace_ci_github
  terraspace_plugin_aws
  terraspace_vcs_github

BUNDLED WITH
   2.3.26
